GEM
  remote: https://rubygems.org/
  specs:
    aws-eventstream (1.1.0)
    aws-partitions (1.415.0)
    aws-record (2.5.0)
      aws-sdk-dynamodb (~> 1.18)
    aws-sdk-core (3.110.0)
      aws-eventstream (~> 1, >= 1.0.2)
      aws-partitions (~> 1, >= 1.239.0)
      aws-sigv4 (~> 1.1)
      jmespath (~> 1.0)
    aws-sdk-dynamodb (1.58.0)
      aws-sdk-core (~> 3, >= 3.109.0)
      aws-sigv4 (~> 1.1)
    aws-sigv4 (1.2.2)
      aws-eventstream (~> 1, >= 1.0.2)
    google_maps_service (0.4.2)
      hurley (~> 0.1)
      multi_json (~> 1.11)
      retriable (~> 2.0)
    hurley (0.2)
    jmespath (1.4.0)
    multi_json (1.15.0)
    retriable (2.1.0)

PLATFORMS
  ruby

DEPENDENCIES
  aws-record (~> 2.0)
  google_maps_service

BUNDLED WITH
   2.1.2
